GIT
  remote: git://github.com/mzp/ruboty-misawa.git
  revision: 5b39a2f03fa13b45804f8415352c2eaa5732152d
  specs:
    ruboty-misawa (0.0.1)
      ruboty

GIT
  remote: https://github.com/ysksg/ruboty-bento.git
  revision: 4a7691c9fbb00d6dec76b68f3c24fc8bd3eae6ac
  specs:
    ruboty-bento (0.1.0)
      nokogiri
      ruboty

GEM
  remote: https://rubygems.org/
  specs:
    activesupport (5.1.2)
      concurrent-ruby (~> 1.0, >= 1.0.2)
      i18n (~> 0.7)
      minitest (~> 5.1)
      tzinfo (~> 1.1)
    artii (2.1.2)
    chrono (0.3.0)
      activesupport
    concurrent-ruby (1.0.5)
    dotenv (2.2.1)
    event_emitter (0.2.5)
    eventmachine (1.2.3)
    faraday (0.12.1)
      multipart-post (>= 1.2, < 3)
    faraday_middleware (0.10.1)
      faraday (>= 0.7.4, < 1.0)
    faye-websocket (0.10.7)
      eventmachine (>= 0.12.0)
      websocket-driver (>= 0.5.1)
    ffi (1.9.18)
    hashie (3.5.5)
    i18n (0.8.4)
    ikku (0.1.4)
      natto
    mem (0.1.5)
    mini_portile2 (2.2.0)
    minitest (5.10.2)
    multi_json (1.12.1)
    multi_xml (0.6.0)
    multipart-post (2.0.0)
    natto (1.1.1)
      ffi (>= 1.9.0)
    nokogiri (1.8.0)
      mini_portile2 (~> 2.2.0)
    rake (12.0.0)
    redis (3.3.3)
    redis-namespace (1.5.3)
      redis (~> 3.0, >= 3.0.4)
    ruboty (1.3.0)
      activesupport
      bundler
      dotenv
      mem
      slop
    ruboty-aa (0.0.1)
      artii (>= 2.0)
      ruboty
    ruboty-alias (0.0.8)
      ruboty (>= 1.1.1)
    ruboty-cron (1.1.0)
      activesupport
      chrono
      ruboty (>= 0.2.0)
    ruboty-echo (0.1.0)
      ruboty
    ruboty-kokodeikku (0.0.8)
      ikku (>= 0.1.1)
      ruboty
    ruboty-redis (0.0.6)
      redis
      redis-namespace
      ruboty
    ruboty-response (1.1.1)
      ruboty
    ruboty-ruby (0.0.2)
      ruboty
    ruboty-sd (0.1.0)
    ruboty-slack_rtm (2.7.2)
      ruboty (>= 1.1.4)
      slack-api (~> 1.2)
      websocket-client-simple (~> 0.3.0)
    ruboty-syoboi_calendar (0.0.7)
      activesupport
      ruboty
      syoboi_calendar (= 0.3.1)
    ruboty-weather (0.0.5)
      faraday
      faraday_middleware
      ruboty (>= 0.2.0)
    slack-api (1.5.0)
      faraday (~> 0.11)
      faraday_middleware (~> 0.10.0)
      faye-websocket (~> 0.10.6)
      multi_json (~> 1.0, >= 1.0.3)
    slop (4.5.0)
    syoboi_calendar (0.3.1)
      activesupport
      faraday
      faraday_middleware
      hashie
      multi_xml
    thread_safe (0.3.6)
    tzinfo (1.2.3)
      thread_safe (~> 0.1)
    websocket (1.2.4)
    websocket-client-simple (0.3.0)
      event_emitter
      websocket
    websocket-driver (0.6.5)
      websocket-extensions (>= 0.1.0)
    websocket-extensions (0.1.2)

PLATFORMS
  ruby

DEPENDENCIES
  rake
  ruboty-aa
  ruboty-alias
  ruboty-bento!
  ruboty-cron
  ruboty-echo
  ruboty-kokodeikku
  ruboty-misawa!
  ruboty-redis
  ruboty-response
  ruboty-ruby
  ruboty-sd
  ruboty-slack_rtm
  ruboty-syoboi_calendar
  ruboty-weather

BUNDLED WITH
   1.15.3
